GEM
  remote: https://rubygems.org/
  specs:
    figaro (1.1.1)
      thor (~> 0.14)
    thor (0.19.4)

PLATFORMS
  ruby

DEPENDENCIES
  figaro

BUNDLED WITH
   1.13.7
